GEM
  remote: http://rubygems.org/
  specs:
    ZenTest (4.4.0)
    actionmailer (2.3.8)
      actionpack (= 2.3.8)
    actionpack (2.3.8)
      activesupport (= 2.3.8)
      rack (~> 1.1.0)
    activerecord (2.3.8)
      activesupport (= 2.3.8)
    activeresource (2.3.8)
      activesupport (= 2.3.8)
    activesupport (2.3.8)
    addressable (2.2.2)
    autotest (4.4.1)
    autotest-fsevent (0.1.1)
      ZenTest (>= 4.0.0)
      sys-uname (>= 0.8.3)
    autotest-growl (0.2.0)
      autotest (>= 4.2.4)
    autotest-rails (4.1.0)
      ZenTest
    configuration (1.1.0)
    em-websocket (0.1.4)
      addressable (>= 2.1.1)
      eventmachine (>= 0.12.9)
    eventmachine (0.12.10)
    factory_girl (1.3.2)
    launchy (0.3.7)
      configuration (>= 0.0.5)
      rake (>= 0.8.1)
    nokogiri (1.4.3.1)
    rack (1.1.0)
    rack-test (0.5.6)
      rack (>= 1.0)
    rails (2.3.8)
      actionmailer (= 2.3.8)
      actionpack (= 2.3.8)
      activerecord (= 2.3.8)
      activeresource (= 2.3.8)
      activesupport (= 2.3.8)
      rake (>= 0.8.3)
    rake (0.8.7)
    rspec (1.3.0)
    rspec-rails (1.3.2)
      rack (>= 1.0.0)
      rspec (>= 1.3.0)
    sqlite3-ruby (1.3.1)
    sys-uname (0.8.4)
    webrat (0.7.1)
      nokogiri (>= 1.2.0)
      rack (>= 1.0)
      rack-test (>= 0.5.3)

PLATFORMS
  ruby

DEPENDENCIES
  autotest-fsevent
  autotest-growl
  autotest-rails
  em-websocket
  factory_girl
  launchy
  rails (= 2.3.8)
  rspec
  rspec-rails
  sqlite3-ruby
  webrat
